PATH
  remote: .
  specs:
    clifton_lib (0.0.8)

GEM
  remote: https://rubygems.org/
  specs:
    rake (10.2.2)

PLATFORMS
  x86-mingw32

DEPENDENCIES
  bundler (~> 1.3)
  clifton_lib!
  rake
